PATH
  remote: .
  specs:
    ddql (1.0.1)

GEM
  remote: https://rubygems.org/
  specs:
    byebug (11.1.3)
    coderay (1.1.3)
    diff-lcs (1.4.4)
    ffi (1.15.3-java)
    method_source (0.9.2)
    pry (0.12.2)
      coderay (~> 1.1.0)
      method_source (~> 0.9.0)
    pry (0.12.2-java)
      coderay (~> 1.1.0)
      method_source (~> 0.9.0)
      spoon (~> 0.0)
    pry-byebug (3.8.0)
      byebug (~> 11.0)
      pry (~> 0.10)
    pry-debugger-jruby (1.2.2-java)
      pry (>= 0.10, < 0.13)
      ruby-debug-base (>= 0.10.4, < 0.12)
    rake (13.0.3)
    rspec (3.10.0)
      rspec-core (~> 3.10.0)
      rspec-expectations (~> 3.10.0)
      rspec-mocks (~> 3.10.0)
    rspec-core (3.10.1)
      rspec-support (~> 3.10.0)
    rspec-expectations (3.10.1)
      diff-lcs (>= 1.2.0, < 2.0)
      rspec-support (~> 3.10.0)
    rspec-mocks (3.10.2)
      diff-lcs (>= 1.2.0, < 2.0)
      rspec-support (~> 3.10.0)
    rspec-support (3.10.2)
    ruby-debug-base (0.11.0-java)
    spoon (0.0.6)
      ffi

PLATFORMS
  java
  ruby

DEPENDENCIES
  bundler (~> 2.0)
  ddql!
  pry (~> 0.10)
  pry-byebug (= 3.8.0)
  pry-debugger-jruby (~> 1.2)
  rake (~> 13.0)
  rspec (~> 3.0)

BUNDLED WITH
   2.1.4
